GEM
  remote: http://rubygems.org/
  specs:
    bunny (0.8.0)
    capistrano (2.13.5)
      highline
      net-scp (>= 1.0.0)
      net-sftp (>= 2.0.0)
      net-ssh (>= 2.0.14)
      net-ssh-gateway (>= 1.1.0)
    chef (0.9.18)
      bunny (>= 0.6.0)
      erubis
      extlib
      highline
      json (>= 1.4.4, <= 1.4.6)
      json (>= 1.4.4, <= 1.4.6)
      mixlib-authentication (>= 1.1.0)
      mixlib-cli (>= 1.1.0)
      mixlib-config (>= 1.1.2)
      mixlib-log (>= 1.2.0)
      moneta
      ohai (>= 0.5.7)
      rest-client (>= 1.0.4, < 1.7.0)
      rest-client (>= 1.0.4, < 1.7.0)
      uuidtools
    erubis (2.7.0)
    extlib (0.9.16)
    highline (1.6.15)
    ipaddress (0.8.0)
    json (1.4.6)
    mime-types (1.19)
    mixlib-authentication (1.3.0)
      mixlib-log
    mixlib-cli (1.3.0)
    mixlib-config (1.1.2)
    mixlib-log (1.4.1)
    mixlib-shellout (1.1.0)
    moneta (0.7.10)
    net-scp (1.0.4)
      net-ssh (>= 1.99.1)
    net-sftp (2.0.5)
      net-ssh (>= 2.0.9)
    net-ssh (2.6.1)
    net-ssh-gateway (1.1.0)
      net-ssh (>= 1.99.1)
    ohai (6.16.0)
      ipaddress
      mixlib-cli
      mixlib-config
      mixlib-log
      mixlib-shellout
      systemu
      yajl-ruby
    rest-client (1.6.7)
      mime-types (>= 1.16)
    systemu (2.5.2)
    uuidtools (2.1.3)
    yajl-ruby (1.1.0)

PLATFORMS
  ruby

DEPENDENCIES
  capistrano
  chef
